GIT
  remote: https://github.com/shokai/arduino_firmata
  revision: bf83d3331a0f5a7db858cd06cefc6127f023d9b3
  specs:
    arduino_firmata (0.3.7)
      args_parser (>= 0.1.4)
      event_emitter (>= 0.2.4)
      serialport (>= 1.1.0)

GEM
  remote: https://rubygems.org/
  specs:
    args_parser (0.2.0)
    event_emitter (0.2.5)
    json (2.1.0)
    pusher-client (0.6.2)
      json
      websocket (~> 1.0)
    serialport (1.3.1)
    websocket (1.2.4)

PLATFORMS
  ruby

DEPENDENCIES
  arduino_firmata!
  pusher-client

BUNDLED WITH
   1.14.3
